PATH
  remote: .
  specs:
    kmt_test_gem (0.1.1)

GEM
  remote: https://rubygems.org/
  specs:
    rake (13.0.6)

PLATFORMS
  x64-mingw32

DEPENDENCIES
  kmt_test_gem!
  rake (~> 13.0)

BUNDLED WITH
   2.2.31
